GEM
  remote: https://rubygems.org/
  specs:
    state_machines (0.4.0)

PLATFORMS
  ruby

DEPENDENCIES
  state_machines

BUNDLED WITH
   1.10.6
